GEM
  remote: https://rubygems.org/
  specs:
    base64 (0.3.0)
    bcp47_spec (0.2.1)
    bigdecimal (3.2.2)
    builder (3.3.0)
    ebnf (2.6.0)
      base64 (~> 0.2)
      htmlentities (~> 4.3)
      rdf (~> 3.3)
      scanf (~> 1.0)
      sxp (~> 2.0)
      unicode-types (~> 1.8)
    haml (6.3.0)
      temple (>= 0.8.2)
      thor
      tilt
    htmlentities (4.3.4)
    io-console (0.8.1)
    json-canonicalization (1.0.0)
    json-ld (3.3.2)
      htmlentities (~> 4.3)
      json-canonicalization (~> 1.0)
      link_header (~> 0.0, >= 0.0.8)
      multi_json (~> 1.15)
      rack (>= 2.2, < 4)
      rdf (~> 3.3)
      rexml (~> 3.2)
    link_header (0.0.8)
    logger (1.7.0)
    matrix (0.4.3)
    mini_portile2 (2.8.9)
    multi_json (1.17.0)
    nokogiri (1.18.9)
      mini_portile2 (~> 2.8.2)
      racc (~> 1.4)
    nokogiri (1.18.9-aarch64-linux-gnu)
      racc (~> 1.4)
    nokogiri (1.18.9-arm-linux-gnu)
      racc (~> 1.4)
    nokogiri (1.18.9-arm64-darwin)
      racc (~> 1.4)
    nokogiri (1.18.9-x86_64-darwin)
      racc (~> 1.4)
    nokogiri (1.18.9-x86_64-linux-gnu)
      racc (~> 1.4)
    ostruct (0.6.3)
    racc (1.8.1)
    rack (3.1.16)
    rake (13.3.0)
    rdf (3.3.4)
      bcp47_spec (~> 0.2)
      bigdecimal (~> 3.1, >= 3.1.5)
      link_header (~> 0.0, >= 0.0.8)
      logger (~> 1.5)
      ostruct (~> 0.6)
      readline (~> 0.0)
    rdf-aggregate-repo (3.3.0)
      rdf (~> 3.3)
    rdf-rdfa (3.3.0)
      haml (~> 6.1)
      htmlentities (~> 4.3)
      rdf (~> 3.3)
      rdf-aggregate-repo (~> 3.3)
      rdf-vocab (~> 3.3)
      rdf-xsd (~> 3.3)
    rdf-rdfxml (3.3.0)
      builder (~> 3.2, >= 3.2.4)
      htmlentities (~> 4.3)
      rdf (~> 3.3)
      rdf-xsd (~> 3.3)
    rdf-turtle (3.3.1)
      base64 (~> 0.2)
      bigdecimal (~> 3.1, >= 3.1.5)
      ebnf (~> 2.5)
      rdf (~> 3.3)
    rdf-vocab (3.3.2)
      rdf (~> 3.3)
    rdf-xsd (3.3.0)
      rdf (~> 3.3)
      rexml (~> 3.2)
    readline (0.0.4)
      reline
    reline (0.6.2)
      io-console (~> 0.5)
    rexml (3.4.1)
    scanf (1.0.0)
    sxp (2.0.0)
      matrix (~> 0.4)
      rdf (~> 3.3)
    temple (0.10.3)
    thor (1.4.0)
    tilt (2.6.1)
    unicode-types (1.10.0)

PLATFORMS
  aarch64-linux
  arm-linux
  arm64-darwin
  x86-linux
  x86_64-darwin
  x86_64-linux

DEPENDENCIES
  json-ld
  nokogiri
  rake
  rdf
  rdf-rdfa
  rdf-rdfxml
  rdf-turtle

BUNDLED WITH
   2.7.1
